PATH
  remote: .
  specs:
    gollum (2.5.0)
      gollum-lib (~> 1.0.6)
      mustache (>= 0.99.4, < 1.0.0)
      sinatra (~> 1.4.2)
      useragent (~> 0.6.0)

GEM
  remote: https://rubygems.org/
  specs:
    activesupport (4.0.0)
      i18n (~> 0.6, >= 0.6.4)
      minitest (~> 4.2)
      multi_json (~> 1.3)
      thread_safe (~> 0.1)
      tzinfo (~> 0.3.37)
    ansi (1.4.3)
    atomic (1.1.12)
    bourne (1.5.0)
      mocha (>= 0.13.2, < 0.15)
    builder (3.2.2)
    diff-lcs (1.2.4)
    github-markdown (0.5.3)
    github-markup (0.7.5)
    gollum-lib (1.0.6)
      github-markdown (~> 0.5.3)
      github-markup (>= 0.7.5, < 1.0.0)
      grit (~> 2.5.0)
      nokogiri (~> 1.6.0)
      pygments.rb (~> 0.5.2)
      sanitize (~> 2.0.6)
      stringex (~> 2.0.5)
    grit (2.5.0)
      diff-lcs (~> 1.1)
      mime-types (~> 1.15)
      posix-spawn (~> 0.3.6)
    hashie (2.0.5)
    i18n (0.6.4)
    metaclass (0.0.1)
    mime-types (1.23)
    mini_portile (0.5.1)
    minitest (4.7.5)
    minitest-reporters (0.14.20)
      ansi
      builder
      minitest (>= 2.12, < 5.0)
      powerbar
    mocha (0.14.0)
      metaclass (~> 0.0.1)
    multi_json (1.7.9)
    mustache (0.99.4)
    nokogiri (1.6.0)
      mini_portile (~> 0.5.0)
    pg (0.16.0)
    posix-spawn (0.3.6)
    powerbar (1.0.11)
      ansi (~> 1.4.0)
      hashie (>= 1.1.0)
    pygments.rb (0.5.2)
      posix-spawn (~> 0.3.6)
      yajl-ruby (~> 1.1.0)
    rack (1.5.2)
    rack-protection (1.5.0)
      rack
    rack-test (0.6.2)
      rack (>= 1.0)
    rake (10.0.4)
    sanitize (2.0.6)
      nokogiri (>= 1.4.4)
    shoulda (3.4.0)
      shoulda-context (~> 1.0, >= 1.0.1)
      shoulda-matchers (~> 1.0, >= 1.4.1)
    shoulda-context (1.1.4)
    shoulda-matchers (1.5.6)
      activesupport (>= 3.0.0)
      bourne (~> 1.3)
    sinatra (1.4.3)
      rack (~> 1.4)
      rack-protection (~> 1.4)
      tilt (~> 1.3, >= 1.3.4)
    stringex (2.0.8)
    thread_safe (0.1.2)
      atomic
    tilt (1.4.1)
    tzinfo (0.3.37)
    useragent (0.6.0)
    yajl-ruby (1.1.0)

PLATFORMS
  ruby

DEPENDENCIES
  gollum!
  minitest-reporters (~> 0.14.16)
  pg
  rack-test (~> 0.6.2)
  rake (~> 10.0.3)
  shoulda (>= 3.4.0, < 3.5.0)
